ObjectType = Image
NDims = 3
BinaryData = True
BinaryDataByteOrderMSB = True
DimSize = 192 192 24
ElementSize = 0.2 0.2 1.0
ElementType = MET_FLOAT
ElementDataFile = WM_map.raw
